GEM
  remote: https://rubygems.org/
  specs:
    dotenv (2.7.5)
    mini_portile2 (2.4.0)
    nokogiri (1.10.9)
      mini_portile2 (~> 2.4.0)
    redis (4.1.3)

PLATFORMS
  ruby

DEPENDENCIES
  dotenv
  nokogiri
  redis

RUBY VERSION
   ruby 2.6.2p47

BUNDLED WITH
   2.0.1
