GEM
  remote: https://rubygems.org/
  specs:
    dotenv (2.7.6)
    mini_portile2 (2.5.0)
    nokogiri (1.11.1)
      mini_portile2 (~> 2.5.0)
      racc (~> 1.4)
    racc (1.5.2)
    redis (4.2.5)

PLATFORMS
  ruby

DEPENDENCIES
  dotenv
  nokogiri
  redis

RUBY VERSION
   ruby 2.6.2p47

BUNDLED WITH
   2.0.1
